GEM
  remote: https://www.rubygems.org/
  specs:

PLATFORMS
  ruby

DEPENDENCIES
